PATH
  remote: .
  specs:
    emojidex-static-collector (0.0.1)
      emojidex
      emojidex-converter
      emojidex-vectors

PATH
  remote: ../emojidex
  specs:
    emojidex (0.0.14)
      faraday (= 0.8.9)
      faraday_middleware (= 0.9.0)

GEM
  remote: https://rubygems.org/
  specs:
    ast (2.0.0)
    astrolabe (1.3.0)
      parser (>= 2.2.0.pre.3, < 3.0)
    cairo (1.12.9)
      pkg-config (>= 1.1.5)
    celluloid (0.16.0)
      timers (~> 4.0.0)
    coderay (1.1.0)
    diff-lcs (1.2.5)
    emojidex-converter (0.0.4)
      cairo
      emojidex
      nokogiri
      phantom_svg
      rapngasm
      rmagick
      rsvg2
      ruby-filemagic
    emojidex-vectors (0.0.6)
    faraday (0.8.9)
      multipart-post (~> 1.2.0)
    faraday_middleware (0.9.0)
      faraday (>= 0.7.4, < 0.9)
    ffi (1.9.6)
    formatador (0.2.5)
    gdk_pixbuf2 (2.2.2)
      glib2 (= 2.2.2)
    glib2 (2.2.2)
      pkg-config
    guard (2.6.1)
      formatador (>= 0.2.4)
      listen (~> 2.7)
      lumberjack (~> 1.0)
      pry (>= 0.9.12)
      thor (>= 0.18.1)
    guard-rspec (4.3.1)
      guard (~> 2.1)
      rspec (>= 2.14, < 4.0)
    guard-rubocop (1.1.0)
      guard (~> 2.0)
      rubocop (~> 0.20)
    hitimes (1.2.2)
    listen (2.7.11)
      celluloid (>= 0.15.2)
      rb-fsevent (>= 0.9.3)
      rb-inotify (>= 0.9)
    lumberjack (1.0.9)
    method_source (0.8.2)
    mini_portile (0.6.0)
    multipart-post (1.2.0)
    nokogiri (1.6.3.1)
      mini_portile (= 0.6.0)
    parser (2.2.0.pre.5)
      ast (>= 1.1, < 3.0)
      slop (~> 3.4, >= 3.4.5)
    phantom_svg (1.1.0)
      cairo (~> 1.12)
      rapngasm (~> 3.1)
      rmagick (~> 2.13)
      rsvg2 (~> 2.2)
    pkg-config (1.1.5)
    powerpack (0.0.9)
    pry (0.10.1)
      coderay (~> 1.1.0)
      method_source (~> 0.8.1)
      slop (~> 3.4)
    rainbow (2.0.0)
    rapngasm (3.1.4)
    rb-fsevent (0.9.4)
    rb-inotify (0.9.5)
      ffi (>= 0.5.0)
    rmagick (2.13.3)
    rspec (3.1.0)
      rspec-core (~> 3.1.0)
      rspec-expectations (~> 3.1.0)
      rspec-mocks (~> 3.1.0)
    rspec-core (3.1.7)
      rspec-support (~> 3.1.0)
    rspec-expectations (3.1.2)
      diff-lcs (>= 1.2.0, < 2.0)
      rspec-support (~> 3.1.0)
    rspec-mocks (3.1.3)
      rspec-support (~> 3.1.0)
    rspec-support (3.1.2)
    rsvg2 (2.2.2)
      cairo (>= 1.12.8)
      gdk_pixbuf2 (= 2.2.2)
    rubocop (0.26.1)
      astrolabe (~> 1.3)
      parser (>= 2.2.0.pre.4, < 3.0)
      powerpack (~> 0.0.6)
      rainbow (>= 1.99.1, < 3.0)
      ruby-progressbar (~> 1.4)
    ruby-filemagic (0.6.1)
    ruby-progressbar (1.6.0)
    slop (3.6.0)
    thor (0.19.1)
    timers (4.0.1)
      hitimes

PLATFORMS
  ruby

DEPENDENCIES
  emojidex!
  emojidex-static-collector!
  guard
  guard-rspec
  guard-rubocop
  rspec
  rubocop
